GEM
  remote: https://rubygems.org/
  specs:
    vic (1.0.0)

PLATFORMS
  ruby

DEPENDENCIES
  vic
